PATH
  remote: .
  specs:
    ec2ssh (1.0.2)
      highline (~> 1.6)
      ktheory-right_aws (~> 2.0.3)
      pit (~> 0.0.7)
      thor (~> 0.14.6)

GEM
  remote: http://rubygems.org/
  specs:
    highline (1.6.15)
    ktheory-right_aws (2.0.3)
      right_http_connection (>= 1.2.1)
    pit (0.0.7)
    right_http_connection (1.3.0)
    thor (0.14.6)

PLATFORMS
  ruby

DEPENDENCIES
  ec2ssh!
